NUGET
  remote: https://vrvis.myget.org/F/aardvark_public
  specs:
    Aardvark.Base (2.0.3)
      DevILSharp (>= 0.0.11 < 0.1.0)
    Aardvark.Base.Essentials (2.0.3)
      Aardvark.Base (>= 2.0.3)
      Rx-Linq (>= 2.2.5 < 2.3.0)
      System.Collections.Immutable (>= 1.1.36 < 1.2.0)
    Aardvark.Base.FSharp (2.0.3)
      Aardvark.Base (>= 2.0.3)
      DevILSharp (>= 0.0.11 < 0.1.0)
      FSharp.Compiler.Service (>= 2.0.0.6 < 2.0.1.0)
    Aardvark.Base.Incremental (2.0.3)
      Aardvark.Base (>= 2.0.3)
      Aardvark.Base.Essentials (>= 2.0.3)
      Aardvark.Base.FSharp (>= 2.0.3)
      FsPickler.Json (>= 1.8.0 < 1.9.0)
      Rx-Core (>= 2.2.5 < 2.3.0)
      Rx-Linq (>= 2.2.5 < 2.3.0)
  remote: http://api.nuget.org/v3/index.json
  specs:
    DevILSharp (0.0.13)
    FSharp.Compiler.Service (2.0.0.6)
    FsPickler (1.8.1)
    FsPickler.Json (1.8.1)
      FsPickler (1.8.1)
      Newtonsoft.Json (>= 6.0.5)
    Newtonsoft.Json (8.0.3)
    Rx-Core (2.2.5)
      Rx-Interfaces (>= 2.2.5)
    Rx-Interfaces (2.2.5)
    Rx-Linq (2.2.5)
      Rx-Core (>= 2.2.5)
      Rx-Interfaces (>= 2.2.5)
    System.Collections (4.0.10) - framework: dnxcore50
      System.Diagnostics.Debug (>= 4.0.0) - framework: dnxcore50
      System.Resources.ResourceManager (>= 4.0.0) - framework: dnxcore50
      System.Runtime (>= 4.0.0) - framework: dnxcore50
      System.Runtime (>= 4.0.20) - framework: dnxcore50
      System.Runtime.Extensions (>= 4.0.0) - framework: dnxcore50
      System.Threading (>= 4.0.0) - framework: dnxcore50
    System.Collections.Immutable (1.1.37)
      System.Collections (>= 4.0.0) - framework: dnxcore50
      System.Diagnostics.Debug (>= 4.0.0) - framework: dnxcore50
      System.Globalization (>= 4.0.0) - framework: dnxcore50
      System.Linq (>= 4.0.0) - framework: dnxcore50
      System.Resources.ResourceManager (>= 4.0.0) - framework: dnxcore50
      System.Runtime (>= 4.0.0) - framework: dnxcore50
      System.Runtime.Extensions (>= 4.0.0) - framework: dnxcore50
      System.Threading (>= 4.0.0) - framework: dnxcore50
    System.Diagnostics.Debug (4.0.10) - framework: dnxcore50
      System.Runtime (>= 4.0.0) - framework: dnxcore50
    System.Globalization (4.0.10) - framework: dnxcore50
      System.Runtime (>= 4.0.0) - framework: dnxcore50
    System.IO (4.0.10) - framework: dnxcore50
      System.Globalization (>= 4.0.0) - framework: dnxcore50
      System.Runtime (>= 4.0.20) - framework: dnxcore50
      System.Text.Encoding (>= 4.0.0) - framework: dnxcore50
      System.Text.Encoding (>= 4.0.10) - framework: dnxcore50
      System.Text.Encoding.Extensions (>= 4.0.0) - framework: dnxcore50
      System.Threading (>= 4.0.0) - framework: dnxcore50
      System.Threading.Tasks (>= 4.0.0) - framework: dnxcore50
    System.Linq (4.0.0) - framework: dnxcore50
      System.Collections (>= 4.0.10) - framework: dnxcore50
      System.Diagnostics.Debug (>= 4.0.10) - framework: dnxcore50
      System.Resources.ResourceManager (>= 4.0.0) - framework: dnxcore50
      System.Runtime (>= 4.0.20) - framework: dnxcore50
      System.Runtime.Extensions (>= 4.0.10) - framework: dnxcore50
    System.Private.Uri (4.0.0) - framework: dnxcore50
    System.Reflection (4.0.10) - framework: dnxcore50
      System.IO (>= 4.0.0) - framework: dnxcore50
      System.Reflection.Primitives (>= 4.0.0) - framework: dnxcore50
      System.Runtime (>= 4.0.20) - framework: dnxcore50
    System.Reflection.Primitives (4.0.0) - framework: dnxcore50
      System.Runtime (>= 4.0.0) - framework: dnxcore50
      System.Threading (>= 4.0.0) - framework: dnxcore50
    System.Resources.ResourceManager (4.0.0) - framework: dnxcore50
      System.Globalization (>= 4.0.0) - framework: dnxcore50
      System.Reflection (>= 4.0.0) - framework: dnxcore50
      System.Reflection (>= 4.0.10) - framework: dnxcore50
      System.Runtime (>= 4.0.0) - framework: dnxcore50
      System.Runtime (>= 4.0.20) - framework: dnxcore50
    System.Runtime (4.0.20) - framework: dnxcore50
      System.Private.Uri (>= 4.0.0) - framework: dnxcore50
    System.Runtime.Extensions (4.0.10) - framework: dnxcore50
      System.Runtime (>= 4.0.20) - framework: dnxcore50
    System.Text.Encoding (4.0.10) - framework: dnxcore50
      System.Runtime (>= 4.0.0) - framework: dnxcore50
    System.Text.Encoding.Extensions (4.0.10) - framework: dnxcore50
      System.Runtime (>= 4.0.0) - framework: dnxcore50
      System.Text.Encoding (>= 4.0.10) - framework: dnxcore50
    System.Threading (4.0.10) - framework: dnxcore50
      System.Runtime (>= 4.0.0) - framework: dnxcore50
      System.Threading.Tasks (>= 4.0.0) - framework: dnxcore50
    System.Threading.Tasks (4.0.10) - framework: dnxcore50
      System.Runtime (>= 4.0.0) - framework: dnxcore50

GROUP Build
CONTENT: NONE
NUGET
  remote: http://api.nuget.org/v3/index.json
  specs:
    Chessie (0.5.1) - content: none
      FSharp.Core
    FAKE (4.17.1) - content: none
    FSharp.Core (4.0.0.1) - content: none
    Mono.Cecil (0.9.5.4) - content: none
    Newtonsoft.Json (8.0.3) - content: none
    SourceLink.Fake (1.1.0) - content: none
  remote: https://vrvis.myget.org/F/aardvark_public
  specs:
    Paket.Core.Temp (2.52.16) - content: none
      Chessie
      FSharp.Core
      Newtonsoft.Json
GITHUB
  remote: vrvis/Aardvark.Fake
  specs:
    FULLPROJECT (eb782182b4f3b4f468ca18a7dc79239912de012a)
      FAKE (>= 4.17.0 < 4.18.0)
      Mono.Cecil (>= 0.9.5.4 < 0.9.6.0)
      Paket.Core.Temp (>= 2.52.10 < 2.53.0)
      SourceLink.Fake (>= 1.1.0 < 1.2.0)