NUGET
  remote: https://vrvis.myget.org/F/aardvark_public
  specs:
    Aardvark.Base (2.4.1)
      DevILSharp (>= 0.0.11 < 0.1.0)
    Aardvark.Base.FSharp (2.4.1)
      Aardvark.Base (>= 2.4.1)
      DevILSharp (>= 0.0.11 < 0.1.0)
  remote: http://api.nuget.org/v3/index.json
  specs:
    DevILSharp (0.0.13)

GROUP Build
CONTENT: NONE
NUGET
  remote: http://api.nuget.org/v3/index.json
  specs:
    Chessie (0.5.1) - content: none
      FSharp.Core
    FAKE (4.17.1) - content: none
    FSharp.Core (4.0.0.1) - content: none
    Mono.Cecil (0.9.5.4) - content: none
    Newtonsoft.Json (8.0.3) - content: none
    Paket.Core (3.18.2) - content: none
      Chessie
      FSharp.Core
      Mono.Cecil
      Newtonsoft.Json
    SourceLink.Fake (1.1) - content: none
GITHUB
  remote: vrvis/Aardvark.Fake
  specs:
    FULLPROJECT (c87283d45d9e55a53d66de85dad1455f4fa71c41)
      Chessie (>= 0.5.0 < 0.6.0)
      FAKE (< 5.0)
      Mono.Cecil (<= 0.9.5.4)
      Paket.Core (< 4.0.0)
      SourceLink.Fake