RESTRICTION: == net45
NUGET
  remote: https://api.nuget.org/v3/index.json
    Aardvark.Base (3.0.49)
      DevILSharp (>= 0.1.1 < 0.2)
    Aardvark.Base.FSharp (3.0.49)
      Aardvark.Base (>= 3.0.49)
      DevILSharp (>= 0.1.1 < 0.2)
      FSharp.Core (>= 4.0 < 4.1)
    DevILSharp (0.1.2)
      FSharp.Core (>= 4.0 < 4.1)
    FSharp.Core (4.0.0.1)

GROUP Build
CONTENT: NONE
RESTRICTION: == net45
NUGET
  remote: https://api.nuget.org/v3/index.json
    FAKE (4.63.2) - content: none
    Mono.Cecil (0.10.0-beta7) - content: none
    SourceLink.Fake (1.1) - content: none
GITHUB
  remote: vrvis/aardvark.fake
    FULLPROJECT (02934ce0408f1b142d08173c958a5501c36a8ff2)
      FAKE (>= 4.63 < 4.64)
      Mono.Cecil (>= 0.10.0-beta6 < 0.11)
      SourceLink.Fake (>= 1.1 < 1.2)