RESTRICTION: == net45
NUGET
  remote: https://vrvis.myget.org/F/aardvark_public/api/v3/index.json
    Aardvark.Base (3.0.35)
      DevilSharp (>= 0.1.1 < 0.2)
    Aardvark.Base.FSharp (3.0.35)
      Aardvark.Base (>= 3.0.35)
      DevilSharp (>= 0.1.1 < 0.2)
      FSharp.Core (>= 4.0 < 4.1)
    DevilSharp (0.1.1)
      FSharp.Core (>= 4.0 < 4.1)
  remote: https://api.nuget.org/v3/index.json
    FSharp.Core (4.0.0.1)

GROUP Build
CONTENT: NONE
RESTRICTION: == net45
NUGET
  remote: https://api.nuget.org/v3/index.json
    FAKE (4.63) - content: none
    Mono.Cecil (0.10.0-beta6) - content: none
    SourceLink.Fake (1.1) - content: none
GITHUB
  remote: vrvis/Aardvark.Fake
    FULLPROJECT (784141c99c7a1b8bd9ce979159f86dd09cc1da05)
      FAKE (>= 4.63 < 4.64)
      Mono.Cecil (>= 0.10.0-beta6 < 0.11)
      SourceLink.Fake (>= 1.1 < 1.2)